GEM
  remote: http://rubygems.org/
  specs:
    addressable (2.2.6)
    crack (0.3.1)
    daemons (1.1.4)
    diff-lcs (1.1.3)
    eventmachine (0.12.10)
    faraday (0.7.4)
      addressable (~> 2.2.6)
      multipart-post (~> 1.1.0)
      rack (< 2, >= 1.1.0)
    geocoder (1.0.4)
    haml (3.1.3)
    hashie (1.1.0)
    json (1.6.1)
    json_pure (1.6.1)
    multi_json (1.0.3)
    multipart-post (1.1.3)
    rack (1.3.3)
    rack-test (0.6.1)
      rack (>= 1.0)
    rake (0.9.2)
    rspec (2.6.0)
      rspec-core (~> 2.6.0)
      rspec-expectations (~> 2.6.0)
      rspec-mocks (~> 2.6.0)
    rspec-core (2.6.4)
    rspec-expectations (2.6.0)
      diff-lcs (~> 1.1.2)
    rspec-mocks (2.6.0)
    simplecov (0.5.3)
      multi_json (~> 1.0.3)
      simplecov-html (~> 0.5.3)
    simplecov-html (0.5.3)
    sinatra (1.2.6)
      rack (~> 1.1)
      tilt (< 2.0, >= 1.2.2)
    thin (1.2.11)
      daemons (>= 1.0.9)
      eventmachine (>= 0.12.6)
      rack (>= 1.0.0)
    tilt (1.3.3)
    tropo-webapi-ruby (0.1.11)
      hashie (>= 0.2.0)
      json_pure (>= 1.2.0)
    webmock (1.7.6)
      addressable (> 2.2.5, ~> 2.2)
      crack (>= 0.1.7)
    windy (0.1.0)
      faraday (~> 0.7)
      multi_json (~> 1.0)

PLATFORMS
  ruby

DEPENDENCIES
  geocoder
  haml
  json
  rack-test
  rake
  rspec
  simplecov
  sinatra
  thin
  tropo-webapi-ruby
  webmock
  windy
